GEM
  remote: https://rubygems.org/
  specs:
    addressable (2.3.4)
    builder (3.2.2)
    capybara (2.1.0)
      mime-types (>= 1.16)
      nokogiri (>= 1.3.3)
      rack (>= 1.0.0)
      rack-test (>= 0.5.4)
      xpath (~> 2.0)
    chunky_png (1.2.8)
    compass (0.12.2)
      chunky_png (~> 1.2)
      fssm (>= 0.2.7)
      sass (~> 3.1)
    cucumber (1.3.2)
      builder (>= 2.1.2)
      diff-lcs (>= 1.1.3)
      gherkin (~> 2.12.0)
      multi_json (~> 1.3)
    diff-lcs (1.2.4)
    eventmachine (1.0.3)
    faye-websocket (0.4.7)
      eventmachine (>= 0.12.0)
    fssm (0.2.10)
    gherkin (2.12.0)
      multi_json (~> 1.3)
    http_parser.rb (0.5.3)
    launchy (2.3.0)
      addressable (~> 2.3)
    mime-types (1.23)
    mini_portile (0.5.0)
    multi_json (1.7.7)
    nokogiri (1.6.0)
      mini_portile (~> 0.5.0)
    poltergeist (1.3.0)
      capybara (~> 2.1.0)
      faye-websocket (>= 0.4.4, < 0.5.0)
      http_parser.rb (~> 0.5.3)
    rack (1.5.2)
    rack-test (0.6.2)
      rack (>= 1.0)
    rspec (2.13.0)
      rspec-core (~> 2.13.0)
      rspec-expectations (~> 2.13.0)
      rspec-mocks (~> 2.13.0)
    rspec-core (2.13.1)
    rspec-expectations (2.13.0)
      diff-lcs (>= 1.1.3, < 2.0)
    rspec-mocks (2.13.1)
    sass (3.2.10)
    xpath (2.0.0)
      nokogiri (~> 1.3)

PLATFORMS
  ruby

DEPENDENCIES
  capybara (~> 2.1.0)
  compass (~> 0.12.2)
  cucumber (~> 1.3.2)
  launchy (~> 2.3.0)
  poltergeist (~> 1.3.0)
  rspec (~> 2.13.0)
